GEM
  remote: https://rubygems.org/
  specs:
    erubis (2.7.0)
    thor (1.1.0)
    tmuxinator (2.0.2)
      erubis (~> 2.6)
      thor (~> 1.0)
      xdg (~> 2.2, >= 2.2.5)
    xdg (2.2.5)

PLATFORMS
  universal-darwin-20
  universal-darwin-21

DEPENDENCIES
  tmuxinator

BUNDLED WITH
   2.2.15
